GEM
  remote: https://rubygems.org/
  specs:
    dotenv (2.8.1)

PLATFORMS
  arm64-darwin-23
  ruby

DEPENDENCIES
  dotenv

BUNDLED WITH
   2.5.3
